GEM
  remote: http://rubygems.org/
  specs:
    builder (3.1.3)
    excon (0.16.4)
    fog (1.6.0)
      builder
      excon (~> 0.14)
      formatador (~> 0.2.0)
      mime-types
      multi_json (~> 1.0)
      net-scp (~> 1.0.4)
      net-ssh (>= 2.1.3)
      nokogiri (~> 1.5.0)
      ruby-hmac
    formatador (0.2.3)
    jruby-pageant (1.1.1)
    json (1.7.5)
    json_pure (1.7.5)
    metaclass (0.0.1)
    mime-types (1.19)
    mocha (0.13.1)
      metaclass (~> 0.0.1)
    multi_json (1.3.6)
    net-scp (1.0.4)
      net-ssh (>= 1.99.1)
    net-ssh (2.6.0)
      jruby-pageant (>= 1.1.1)
    nokogiri (1.5.5)
    rack (1.4.1)
    rack-protection (1.2.0)
      rack
    rack-test (0.6.2)
      rack (>= 1.0)
    rake (0.9.2.2)
    rest-client (1.6.7)
      mime-types (>= 1.16)
    ruby-hmac (0.4.0)
    sinatra (1.3.3)
      rack (~> 1.3, >= 1.3.6)
      rack-protection (~> 1.2)
      tilt (~> 1.3, >= 1.3.3)
    sinatra-jsonp (0.3.2)
      json_pure (~> 1.4)
      sinatra (~> 1.0)
    tilt (1.3.3)

PLATFORMS
  ruby

DEPENDENCIES
  fog
  json
  mocha
  rack-test
  rake
  rest-client
  sinatra
  sinatra-jsonp
